GEM
  remote: https://rubygems.org/
  specs:
    stackprof (0.2.24)

PLATFORMS
  x86_64-linux

DEPENDENCIES
  stackprof (>= 0.2.9)

BUNDLED WITH
   2.3.26
